GEM
  remote: https://rubygems.org/
  specs:
    addressable (2.7.0)
      public_suffix (>= 2.0.2, < 5.0)
    mini_portile2 (2.5.0)
    nokogiri (1.11.0)
      mini_portile2 (~> 2.5.0)
      racc (~> 1.4)
    open_uri_redirections (0.2.1)
    public_suffix (4.0.5)
    racc (1.5.2)

PLATFORMS
  ruby

DEPENDENCIES
  addressable (~> 2.7)
  nokogiri
  open_uri_redirections

BUNDLED WITH
   2.1.4
